GIT
  remote: https://github.com/norio-nomura/xcjobs.git
  revision: ebfe8050aac3bf95dfcd6d1bdcb4dc9dc8358c56
  branch: subclass-of-rake-task
  specs:
    xcjobs (0.0.4)

GEM
  remote: https://rubygems.org/
  specs:
    rake (10.4.2)
    xcpretty (0.1.7)

PLATFORMS
  ruby

DEPENDENCIES
  rake
  xcjobs!
  xcpretty
